GEM
  remote: https://rubygems.org/
  specs:
    rack (2.2.3)
    webrick (1.4.4)

PLATFORMS
  universal-darwin-22

DEPENDENCIES
  rack (= 2.2.3)
  webrick (= 1.4.4)

BUNDLED WITH
   2.3.25
