GEM
  remote: https://rubygems.org/
  specs:
    rack (2.2.3)

PLATFORMS
  universal-darwin-22

DEPENDENCIES
  rack (= 2.2.3)

BUNDLED WITH
   2.3.25
