GEM
  remote: https://rubygems.org/
  specs:
    gem_for_game (0.5.6)

PLATFORMS
  universal-darwin-22

DEPENDENCIES
  gem_for_game (= 0.5.6)

BUNDLED WITH
   2.3.25
