GEM
  remote: https://rubygems.org/
  specs:
    gem_for_game (0.6.1)

PLATFORMS
  universal-darwin-22

DEPENDENCIES
  gem_for_game (= 0.6.1)

BUNDLED WITH
   2.3.25
